GEM
  remote: https://rubygems.org/
  specs:
    colorize (0.7.5)
    metaclass (0.0.4)
    mocha (1.1.0)
      metaclass (~> 0.0.1)
    net-scp (1.2.1)
      net-ssh (>= 2.6.5)
    net-ssh (2.9.1)

PLATFORMS
  ruby

DEPENDENCIES
  colorize (>= 0.7.2)
  mocha (= 1.1.0)
  net-scp (= 1.2.1)
  net-ssh (= 2.9.1)
